PATH
  remote: .
  specs:
    nats_streaming_listener (0.1.0)
      google-protobuf (~> 3.6)
      nats-streaming (~> 0.2)

GEM
  remote: https://rubygems.org/
  specs:
    diff-lcs (1.3)
    google-protobuf (3.7.1)
    nats-pure (0.5.0)
    nats-streaming (0.2.2)
      google-protobuf (~> 3)
      nats-pure (~> 0)
    nats_listener_core (0.1.1)
    rake (13.0.1)
    rspec (3.8.0)
      rspec-core (~> 3.8.0)
      rspec-expectations (~> 3.8.0)
      rspec-mocks (~> 3.8.0)
    rspec-core (3.8.0)
      rspec-support (~> 3.8.0)
    rspec-expectations (3.8.3)
      diff-lcs (>= 1.2.0, < 2.0)
      rspec-support (~> 3.8.0)
    rspec-mocks (3.8.0)
      diff-lcs (>= 1.2.0, < 2.0)
      rspec-support (~> 3.8.0)
    rspec-support (3.8.0)

PLATFORMS
  ruby

DEPENDENCIES
  bundler (~> 1.16)
  nats_listener_core
  nats_streaming_listener!
  rake (~> 13.0)
  rspec (~> 3.0)

BUNDLED WITH
   1.17.3
