GIT
  remote: https://github.com/beastia/nats_listener_core
  revision: 35ac7b246257e03305640bc94c31f16e3acafe12
  specs:
    nats_listener_core (0.1.0)

PATH
  remote: .
  specs:
    nats_streaming_listener (0.1.0)
      google-protobuf (~> 3.6)
      nats-streaming (~> 0.2)

GEM
  remote: https://rubygems.org/
  specs:
    diff-lcs (1.3)
    google-protobuf (3.6.1)
    google-protobuf (3.6.1-universal-darwin)
    nats-pure (0.5.0)
    nats-streaming (0.2.2)
      google-protobuf (~> 3)
      nats-pure (~> 0)
    rake (10.5.0)
    rspec (3.8.0)
      rspec-core (~> 3.8.0)
      rspec-expectations (~> 3.8.0)
      rspec-mocks (~> 3.8.0)
    rspec-core (3.8.0)
      rspec-support (~> 3.8.0)
    rspec-expectations (3.8.2)
      diff-lcs (>= 1.2.0, < 2.0)
      rspec-support (~> 3.8.0)
    rspec-mocks (3.8.0)
      diff-lcs (>= 1.2.0, < 2.0)
      rspec-support (~> 3.8.0)
    rspec-support (3.8.0)

PLATFORMS
  ruby

DEPENDENCIES
  bundler (~> 1.16)
  nats_listener_core!
  nats_streaming_listener!
  rake (~> 10.0)
  rspec (~> 3.0)

BUNDLED WITH
   1.16.1
